PATH
  remote: .
  specs:
    rack-rate-limiter (0.1.0)
      rack (< 4)

GEM
  remote: https://rubygems.org/
  specs:
    activesupport (6.0.6.1)
      concurrent-ruby (~> 1.0, >= 1.0.2)
      i18n (>= 0.7, < 2)
      minitest (~> 5.1)
      tzinfo (~> 1.1)
      zeitwerk (~> 2.2, >= 2.2.2)
    base64 (0.2.0)
    bigdecimal (3.1.7)
    concurrent-ruby (1.2.3)
    date (3.3.4)
    diff-lcs (1.5.1)
    i18n (0.9.5)
      concurrent-ruby (~> 1.0)
    json (2.7.2)
    mail (2.8.1)
      mini_mime (>= 0.1.1)
      net-imap
      net-pop
      net-smtp
    mime-types (3.5.2)
      mime-types-data (~> 3.2015)
    mime-types-data (3.2024.0305)
    mini_mime (1.1.5)
    minitest (5.22.3)
    mutex_m (0.2.0)
    nbio-csshttprequest (1.0.3)
    net-imap (0.4.10)
      date
      net-protocol
    net-pop (0.1.2)
      net-protocol
    net-protocol (0.2.2)
      timeout
    net-smtp (0.5.0)
      net-protocol
    rack (3.0.10)
    rack-test (2.1.0)
      rack (>= 1.3)
    rake (13.2.1)
    rdoc (5.1.0)
    rspec (3.13.0)
      rspec-core (~> 3.13.0)
      rspec-expectations (~> 3.13.0)
      rspec-mocks (~> 3.13.0)
    rspec-core (3.13.0)
      rspec-support (~> 3.13.0)
    rspec-expectations (3.13.0)
      diff-lcs (>= 1.2.0, < 2.0)
      rspec-support (~> 3.13.0)
    rspec-mocks (3.13.0)
      diff-lcs (>= 1.2.0, < 2.0)
      rspec-support (~> 3.13.0)
    rspec-support (3.13.1)
    ruby-prof (1.7.0)
    thread_safe (0.3.6)
    timecop (0.9.8)
    timeout (0.4.1)
    tzinfo (1.2.11)
      thread_safe (~> 0.1)
    zeitwerk (2.6.13)

PLATFORMS
  arm64-darwin-23
  ruby

DEPENDENCIES
  activesupport (~> 6.0)
  base64 (~> 0.2.0)
  bigdecimal (~> 3.1)
  i18n (~> 0.6, >= 0.6.8)
  json (~> 2.0)
  mail (~> 2.3, >= 2.6.4)
  mime-types (~> 3.0)
  mutex_m (~> 0.2.0)
  nbio-csshttprequest (~> 1.0)
  rack
  rack-rate-limiter!
  rack-test
  rake (~> 13.0)
  rdoc (~> 5.0)
  rspec (~> 3.0)
  ruby-prof
  timecop (~> 0.9)

BUNDLED WITH
   2.5.9
